GEM
  remote: http://rubygems.org/
  specs:
    ZenTest (4.6.2)
    hoe (2.12.3)
      rake (~> 0.8)
    rake (0.9.2.2)

PLATFORMS
  ruby

DEPENDENCIES
  ZenTest
  hoe
  rake
